GEM
  remote: https://www.rubygems.org/
  specs:
    hiredis (0.5.2)
    redis (3.0.7)

PLATFORMS
  ruby

DEPENDENCIES
  hiredis
  redis
